PATH
  remote: .
  specs:
    youtube_it (2.4.0)
      builder
      excon
      faraday (~> 0.8)
      json (~> 1.8.1)
      nokogiri (~> 1.6.0)
      oauth (~> 0.4.4)
      oauth2 (~> 0.6)
      simple_oauth (>= 0.1.5)
      webmock

GEM
  remote: http://rubygems.org/
  specs:
    addressable (2.3.6)
    builder (3.2.2)
    crack (0.4.2)
      safe_yaml (~> 1.0.0)
    excon (0.33.0)
    faraday (0.9.0)
      multipart-post (>= 1.2, < 3)
    json (1.8.1)
    jwt (0.1.11)
      multi_json (>= 1.5)
    mini_portile (0.5.3)
    multi_json (1.10.0)
    multi_xml (0.5.5)
    multipart-post (2.0.0)
    nokogiri (1.6.1)
      mini_portile (~> 0.5.0)
    oauth (0.4.7)
    oauth2 (0.9.3)
      faraday (>= 0.8, < 0.10)
      jwt (~> 0.1.8)
      multi_json (~> 1.3)
      multi_xml (~> 0.5)
      rack (~> 1.2)
    rack (1.5.2)
    rake (10.3.1)
    safe_yaml (1.0.3)
    simple_oauth (0.2.0)
    vcr (2.5.0)
    webmock (1.17.4)
      addressable (>= 2.2.7)
      crack (>= 0.3.2)

PLATFORMS
  ruby

DEPENDENCIES
  rake
  vcr (~> 2.5.0)
  youtube_it!
